GEM
  remote: http://rubygems.org/
  specs:
    addressable (2.2.8)
    dm-aggregates (1.2.0)
      dm-core (~> 1.2.0)
    dm-core (1.2.0)
      addressable (~> 2.2.6)
    dm-migrations (1.2.0)
      dm-core (~> 1.2.0)
    pg (0.14.1-x86-mingw32)
    rack (1.5.2)
    rack-protection (1.4.0)
      rack
    sinatra (1.3.5)
      rack (~> 1.4)
      rack-protection (~> 1.3)
      tilt (~> 1.3, >= 1.3.3)
    tilt (1.3.4)

PLATFORMS
  x86-mingw32

DEPENDENCIES
  dm-aggregates
  dm-core
  dm-migrations
  pg
  sinatra
